PATH
  remote: .
  specs:
    art_decomp (0.0.0)

GEM
  remote: https://rubygems.org/
  specs:
    minitest (4.7.0)

PLATFORMS
  ruby

DEPENDENCIES
  art_decomp!
  minitest (~> 4.0)
