GIT
  remote: git://github.com/chastell/bogus.git
  revision: bcd6a19ae7ef447ee06f0c7042f0d3c258d905a9
  branch: art_decomp
  specs:
    bogus (0.0.3)
      dependor (>= 0.0.4)

PATH
  remote: .
  specs:
    art_decomp (0.0.0)

GEM
  remote: https://rubygems.org/
  specs:
    dependor (0.0.5)
    minitest (5.0.2)

PLATFORMS
  ruby

DEPENDENCIES
  art_decomp!
  bogus!
  minitest (~> 5.0)
