PATH
  remote: .
  specs:
    art_decomp (0.0.0)
      anima (~> 0.2.0)
      private_attr (~> 1.1)

GEM
  remote: https://rubygems.org/
  specs:
    abstract_type (0.0.7)
    adamantium (0.2.0)
      ice_nine (~> 0.11.0)
      memoizable (~> 0.4.0)
    anima (0.2.0)
      abstract_type (~> 0.0.7)
      adamantium (~> 0.1)
      equalizer (~> 0.0.8)
    ast (2.1.0)
    astrolabe (1.3.1)
      parser (~> 2.2)
    bogus (0.1.6)
      dependor (>= 0.0.4)
    celluloid (0.16.0)
      timers (~> 4.0.0)
    coderay (1.1.0)
    concord (0.1.5)
      adamantium (~> 0.2.0)
      equalizer (~> 0.0.9)
    dependor (1.0.1)
    diff-lcs (1.2.5)
    equalizer (0.0.11)
    ffi (1.9.10)
    hitimes (1.2.2)
    ice_nine (0.11.1)
    listen (2.10.1)
      celluloid (~> 0.16.0)
      rb-fsevent (>= 0.9.3)
      rb-inotify (>= 0.9)
    memoizable (0.4.2)
      thread_safe (~> 0.3, >= 0.3.1)
    method_source (0.8.2)
    minitest (5.8.0)
    minitest-focus (1.1.2)
      minitest (>= 4, < 6)
    parser (2.2.2.6)
      ast (>= 1.1, < 3.0)
    powerpack (0.1.1)
    private_attr (1.1.0)
    procto (0.0.2)
    pry (0.10.1)
      coderay (~> 1.1.0)
      method_source (~> 0.8.1)
      slop (~> 3.4)
    rainbow (2.0.0)
    rake (10.4.2)
    rb-fsevent (0.9.5)
    rb-inotify (0.9.5)
      ffi (>= 0.5.0)
    reek (3.2.1)
      parser (~> 2.2.2.5)
      private_attr (~> 1.1)
      rainbow (~> 2.0)
      unparser (~> 0.2.2)
    rerun (0.10.0)
      listen (~> 2.7, >= 2.7.3)
    rubocop (0.33.0)
      astrolabe (~> 1.3)
      parser (>= 2.2.2.5, < 3.0)
      powerpack (~> 0.1)
      rainbow (>= 1.99.1, < 3.0)
      ruby-progressbar (~> 1.4)
    ruby-progressbar (1.7.5)
    slop (3.6.0)
    thread_safe (0.3.5)
    timers (4.0.1)
      hitimes
    unparser (0.2.4)
      abstract_type (~> 0.0.7)
      adamantium (~> 0.2.0)
      concord (~> 0.1.5)
      diff-lcs (~> 1.2.5)
      equalizer (~> 0.0.9)
      parser (~> 2.2.2)
      procto (~> 0.0.2)

PLATFORMS
  ruby

DEPENDENCIES
  art_decomp!
  bogus (~> 0.1.3)
  minitest (~> 5.6)
  minitest-focus (~> 1.1)
  pry (~> 0.10.0)
  rake (~> 10.1)
  reek (~> 3.1)
  rerun (~> 0.10.0)
  rubocop (~> 0.33.0)

BUNDLED WITH
   1.10.6
