PATH
  remote: .
  specs:
    art_decomp (0.0.0)

GEM
  remote: https://rubygems.org/
  specs:
    minitest (4.6.1)
    rake (10.0.3)

PLATFORMS
  ruby

DEPENDENCIES
  art_decomp!
  minitest (~> 4.0)
  rake (~> 10.0)
