GIT
  remote: git://github.com/guard/listen.git
  revision: af4d62bad3425f1f2a57958fa455bfd532d959fc
  specs:
    listen (0.7.2)

PATH
  remote: .
  specs:
    art_decomp (0.0.0)

GEM
  remote: https://rubygems.org/
  specs:
    ffi (1.4.0)
    minitest (4.6.1)
    rake (10.0.3)
    rb-inotify (0.9.0)
      ffi (>= 0.5.0)
    rerun (0.8.0)
      listen

PLATFORMS
  ruby

DEPENDENCIES
  art_decomp!
  listen!
  minitest (~> 4.0)
  rake (~> 10.0)
  rb-inotify
  rerun
