PATH
  remote: .
  specs:
    art_decomp (0.0.0)

GEM
  remote: https://rubygems.org/
  specs:
    bogus (0.0.3)
      dependor (>= 0.0.4)
    dependor (0.0.5)
    minitest (5.0.1)

PLATFORMS
  ruby

DEPENDENCIES
  art_decomp!
  bogus
  minitest (~> 5.0)
