PATH
  remote: .
  specs:
    art_decomp (0.0.0)
      anima (~> 0.3.0)
      procto (~> 0.0.2)

GEM
  remote: https://rubygems.org/
  specs:
    abstract_type (0.0.7)
    adamantium (0.2.0)
      ice_nine (~> 0.11.0)
      memoizable (~> 0.4.0)
    anima (0.3.0)
      abstract_type (~> 0.0.7)
      adamantium (~> 0.2)
      equalizer (~> 0.0.11)
    ast (2.3.0)
    axiom-types (0.1.1)
      descendants_tracker (~> 0.0.4)
      ice_nine (~> 0.11.0)
      thread_safe (~> 0.3, >= 0.3.1)
    bogus (0.1.6)
      dependor (>= 0.0.4)
    codeclimate-engine-rb (0.4.0)
      virtus (~> 1.0)
    coderay (1.1.1)
    coercible (1.0.0)
      descendants_tracker (~> 0.0.1)
    dependor (1.0.1)
    descendants_tracker (0.0.4)
      thread_safe (~> 0.3, >= 0.3.1)
    equalizer (0.0.11)
    ice_nine (0.11.2)
    memoizable (0.4.2)
      thread_safe (~> 0.3, >= 0.3.1)
    method_source (0.8.2)
    minitest (5.9.1)
    minitest-focus (1.1.2)
      minitest (>= 4, < 6)
    parser (2.3.1.4)
      ast (~> 2.2)
    powerpack (0.1.1)
    procto (0.0.3)
    pry (0.10.4)
      coderay (~> 1.1.0)
      method_source (~> 0.8.1)
      slop (~> 3.4)
    rainbow (2.1.0)
    rake (11.3.0)
    reek (4.5.1)
      codeclimate-engine-rb (~> 0.4.0)
      parser (~> 2.3.1, >= 2.3.1.2)
      rainbow (~> 2.0)
    rubocop (0.43.0)
      parser (>= 2.3.1.1, < 3.0)
      powerpack (~> 0.1)
      rainbow (>= 1.99.1, < 3.0)
      ruby-progressbar (~> 1.7)
      unicode-display_width (~> 1.0, >= 1.0.1)
    ruby-progressbar (1.8.1)
    slop (3.6.0)
    thread_safe (0.3.5)
    unicode-display_width (1.1.1)
    virtus (1.0.5)
      axiom-types (~> 0.1)
      coercible (~> 1.0)
      descendants_tracker (~> 0.0, >= 0.0.3)
      equalizer (~> 0.0, >= 0.0.9)

PLATFORMS
  ruby

DEPENDENCIES
  art_decomp!
  bogus (~> 0.1.3)
  minitest (~> 5.6)
  minitest-focus (~> 1.1)
  pry (~> 0.10.0)
  rake (~> 11.0)
  reek (~> 4.0)
  rubocop (~> 0.43.0)

BUNDLED WITH
   1.13.2
