PATH
  remote: .
  specs:
    art_decomp (0.0.0)

GEM
  remote: https://rubygems.org/
  specs:
    bogus (0.1.3)
      dependor (>= 0.0.4)
    dependor (0.0.6)
    minitest (5.0.6)
    rake (10.1.0)

PLATFORMS
  ruby

DEPENDENCIES
  art_decomp!
  bogus (>= 0.1.3)
  minitest (~> 5.0)
  rake (~> 10.1)
