PATH
  remote: .
  specs:
    art_decomp (0.0.0)

GEM
  remote: https://rubygems.org/
  specs:
    ast (1.1.0)
    backports (3.3.3)
    bogus (0.1.4)
      dependor (>= 0.0.4)
    dependor (0.0.6)
    minitest (5.0.6)
    parser (2.0.0.pre6)
      ast (~> 1.1)
      slop (~> 3.4, >= 3.4.5)
    powerpack (0.0.3)
    rainbow (1.1.4)
    rake (10.1.0)
    reek (1.3.2)
      ruby2ruby (~> 2.0.2)
      ruby_parser (~> 3.1.1)
      sexp_processor
    rubocop (0.11.1)
      backports (~> 3.3.3)
      parser (~> 2.0.0.pre6)
      powerpack (~> 0.0.3)
      rainbow (>= 1.1.4)
    ruby2ruby (2.0.6)
      ruby_parser (~> 3.1)
      sexp_processor (~> 4.0)
    ruby_parser (3.1.3)
      sexp_processor (~> 4.1)
    sexp_processor (4.3.0)
    slop (3.4.6)

PLATFORMS
  ruby

DEPENDENCIES
  art_decomp!
  bogus (>= 0.1.3)
  minitest (~> 5.0)
  rake (~> 10.1)
  reek
  rubocop
