PATH
  remote: .
  specs:
    art_decomp (0.0.0)

GEM
  remote: https://rubygems.org/
  specs:
    ast (1.1.0)
    bogus (0.1.4)
      dependor (>= 0.0.4)
    dependor (1.0.1)
    ffi (1.9.3)
    json (1.8.1)
    listen (1.0.3)
      rb-fsevent (>= 0.9.3)
      rb-inotify (>= 0.9)
      rb-kqueue (>= 0.2)
    minitest (5.3.0)
    parser (2.1.7)
      ast (~> 1.1)
      slop (~> 3.4, >= 3.4.5)
    powerpack (0.0.9)
    rainbow (2.0.0)
    rake (10.1.1)
    rb-fsevent (0.9.4)
    rb-inotify (0.9.3)
      ffi (>= 0.5.0)
    rb-kqueue (0.2.2)
      ffi (>= 0.5.0)
    reek (1.3.6)
      ruby2ruby (~> 2.0.7)
      ruby_parser (~> 3.2)
      sexp_processor
    rerun (0.8.2)
      listen (~> 1.0.3)
    rubocop (0.18.1)
      json (>= 1.7.7, < 2)
      parser (~> 2.1.3)
      powerpack (~> 0.0.6)
      rainbow (>= 1.99.1, < 3.0)
    ruby2ruby (2.0.7)
      ruby_parser (~> 3.1)
      sexp_processor (~> 4.0)
    ruby_parser (3.4.1)
      sexp_processor (~> 4.1)
    sexp_processor (4.4.1)
    slop (3.4.7)

PLATFORMS
  ruby

DEPENDENCIES
  art_decomp!
  bogus (~> 0.1.3)
  minitest (~> 5.0)
  rake (~> 10.1)
  reek (~> 1.3)
  rerun (~> 0.8.2)
  rubocop (~> 0.18.0)
