PATH
  remote: .
  specs:
    art_decomp (0.0.0)

GEM
  remote: http://rubygems.org/
  specs:
    ffi (1.3.1)
    listen (0.7.2)
    minitest (4.5.0)
    rake (10.0.3)
    rb-inotify (0.9.0)
      ffi (>= 0.5.0)
    rerun (0.7.1)
      listen

PLATFORMS
  ruby

DEPENDENCIES
  art_decomp!
  minitest (~> 4.0)
  rake (~> 10.0)
  rb-inotify
  rerun
