PATH
  remote: .
  specs:
    art_decomp (0.0.0)

GEM
  remote: https://rubygems.org/
  specs:
    bogus (0.1.4)
      dependor (>= 0.0.4)
    dependor (0.0.6)
    minitest (5.0.6)
    rake (10.1.0)
    reek (1.3.2)
      ruby2ruby (~> 2.0.2)
      ruby_parser (~> 3.1.1)
      sexp_processor
    ruby2ruby (2.0.6)
      ruby_parser (~> 3.1)
      sexp_processor (~> 4.0)
    ruby_parser (3.1.3)
      sexp_processor (~> 4.1)
    sexp_processor (4.3.0)

PLATFORMS
  ruby

DEPENDENCIES
  art_decomp!
  bogus (>= 0.1.3)
  minitest (~> 5.0)
  rake (~> 10.1)
  reek
