GIT
  remote: git://github.com/chastell/bogus.git
  revision: 9e6e502067b317feaeda710c880dbd3ff5800c28
  branch: art_decomp
  specs:
    bogus (0.1.0)
      dependor (>= 0.0.4)

PATH
  remote: .
  specs:
    art_decomp (0.0.0)

GEM
  remote: https://rubygems.org/
  specs:
    dependor (0.0.6)
    minitest (5.0.6)
    rake (10.1.0)

PLATFORMS
  ruby

DEPENDENCIES
  art_decomp!
  bogus!
  minitest (~> 5.0)
  rake (~> 10.1)
