PATH
  remote: .
  specs:
    art_decomp (0.0.0)

GEM
  remote: https://rubygems.org/
  specs:
    minitest (5.0.1)

PLATFORMS
  ruby

DEPENDENCIES
  art_decomp!
  minitest (~> 5.0)
