GIT
  remote: git://github.com/rom-rb/devtools.git
  revision: a7fefbd7ea3cf3bacb6f4b27fdd04fd090106125
  specs:
    devtools (0.0.2)

PATH
  remote: .
  specs:
    art_decomp (0.0.0)

GEM
  remote: https://rubygems.org/
  specs:
    bogus (0.1.4)
      dependor (>= 0.0.4)
    dependor (0.0.6)
    minitest (5.0.6)
    rake (10.1.0)

PLATFORMS
  ruby

DEPENDENCIES
  art_decomp!
  bogus (>= 0.1.3)
  devtools!
  minitest (~> 5.0)
  rake (~> 10.1)
